PATH
  remote: .
  specs:
    ipa_reader (0.7.1)
      CFPropertyList (= 2.3.1)
      rubyzip (>= 1.0.0)

GEM
  remote: https://rubygems.org/
  specs:
    CFPropertyList (2.3.1)
    rake (10.4.2)
    rubyzip (1.1.7)

PLATFORMS
  ruby

DEPENDENCIES
  bundler
  ipa_reader!
  rake
